GIT
  remote: https://github.com/orta/cocoapods-keys.git
  revision: 00353974abc0ccdcb9cfb06f3050b78dceee15a1
  specs:
    cocoapods-keys (1.7.0)
      dotenv
      osx_keychain

GEM
  remote: https://rubygems.org/
  specs:
    RubyInline (3.12.4)
      ZenTest (~> 4.3)
    ZenTest (4.11.1)
    dotenv (2.1.1)
    osx_keychain (1.0.1)
      RubyInline (~> 3)

PLATFORMS
  ruby

DEPENDENCIES
  cocoapods-keys!

BUNDLED WITH
   1.12.5
